PATH
  remote: .
  specs:
    box-api (0.2.2)
      httmultiparty (~> 0.3.6)

GEM
  remote: http://rubygems.org/
  specs:
    configuration (1.3.1)
    diff-lcs (1.1.2)
    httmultiparty (0.3.6)
      httparty (>= 0.7.3)
      multipart-post
    httparty (0.21.0)
      mini_mime (>= 1.0.0)
      multi_xml (>= 0.5.2)
    launchy (0.4.0)
      configuration (>= 0.0.5)
      rake (>= 0.8.1)
    mini_mime (1.1.2)
    multi_xml (0.6.0)
    multipart-post (1.1.3)
    rake (0.9.2)
    rspec (2.6.0)
      rspec-core (~> 2.6.0)
      rspec-expectations (~> 2.6.0)
      rspec-mocks (~> 2.6.0)
    rspec-core (2.6.4)
    rspec-expectations (2.6.0)
      diff-lcs (~> 1.1.2)
    rspec-mocks (2.6.0)

PLATFORMS
  java
  ruby

DEPENDENCIES
  box-api!
  launchy
  rake
  rspec
